[System]
Scanner=SkyScan1272
Instrument S/N=15G09089-B
Software Version=1.1.19
Home Directory=C:\SkyScan1272\SkyScan1272
Source Type=HAMAMATSU_L11871_20
Camera Type=XIMEA xiRAY16
Camera Pixel Size (um)=7.4
Camera X/Y Ratio=1.0023
[User]
User Name=haberthu
Computer Name=ANAMIC02
[Acquisition]
Data Directory=D:\Results\Hearts Melly\SampleChanger\15
Filename Prefix=Rat62~00
Filename Index Length=8
Number Of Files=  948
Number Of Rows= 1640
Number Of Columns= 2452
Partial Width=OFF
Image crop origin X=0
Image crop origin Y=0
Camera binning=2x2
Image Rotation=-0.08200
Optical Axis (line)=  883
Camera to Source (mm)=224.07267
Object to Source (mm)=151.40100
Source Voltage (kV)= 100
Source Current (uA)= 100
Image Pixel Size (um)=10.000036
Scaled Image Pixel Size (um)=10.000036
Image Format=TIFF
Depth (bits)=16
Reference Intensity=57000
Camera position=mid
Exposure (ms)=3455
Rotation Step (deg)=0.200
Use 360 Rotation=NO
Scanning position=30.000 mm
Frame Averaging=ON (3)
Random Movement=OFF (30)
Flat Field Correction=ON
Geometrical Correction=ON
Filter=Cu 0.11mm
Gantry direction=CC
Rotation Direction=CC
Type of Detector Motion=STEP AND SHOOT
Scanning Trajectory=ROUND
Number Of Horizontal Offset Positions=1
Number of connected scans=2
Current scan number=1
Number of lines to be reconstructed=1241
Study Date and Time=26 Jan 2021  13h:14m:05s
Scan duration=3h:59m:17s
Maximum vertical TS=5.0
[Reconstruction]
Reconstruction Program=NRecon
Program Version=Version: 2.1.0.1
Program Home Directory=C:\SkyScan2214\SkyScan2214 User Software
Reconstruction engine=GPUReconServer
Engine version=Version: 2.1.0
Reconstruction from batch=Yes
Postalignment Applied=1
Reconstructed using oversize-option=No
Connected Reconstruction (parts)=2
Oversize-option Bitmap=9
Sub-scan post alignment [0]=-1.000000
Sub-scan post alignment [1]=-4.000000
Sub-scan scan length [0]=1241
Sub-scan scan length [1]=1241
Used extra shift in X per scan(micron)= 0.000  4.658 
Used extra shift in Y per scan(micron)= 0.000  -4.899 
Reconstruction servers= ANAMIC05 
Dataset Origin=SkyScan1272
Dataset Prefix=Rat62~01
Dataset Directory=D:\Results\Hearts Melly\Rat62\cu_10um\proj
Output Directory=D:\Results\Hearts Melly\Rat62\cu_10um\rec
Time and Date=08 Feb 2023  11h:30m:20s
First Section=71
Last Section=2819
Reconstruction duration per slice (seconds)=0.127413
Total reconstruction time (2849 slices) in seconds=363.000000
Heel Effect Correction On=0
Section to Section Step=1
Sections Count=2749
Result File Type=PNG
Result File Header Length (bytes)=Unknown: compressed JPG format (100%)
Result Image Width (pixels)=2452
Result Image Height (pixels)=2452
Pixel Size (um)=10.00004
Reconstruction Angular Range (deg)=189.60
Use 180+=OFF
Angular Step (deg)=0.2000
Smoothing=0
Ring Artifact Correction=14
Draw Scales=OFF
Object Bigger than FOV=OFF
Reconstruction from ROI=OFF
Filter cutoff relative to Nyquist frequency=100
Filter type=0
Filter type description=Hamming (Alpha=0.54)
Undersampling factor=1
Threshold for defect pixel mask (%)=0
Beam Hardening Correction (%)=10
CS Static Rotation (deg)=0.00
CS Static Rotation Total(deg)=0.00
Minimum for CS to Image Conversion=0.000000
Maximum for CS to Image Conversion=0.467429
HU Calibration=OFF
BMP LUT=0
Cone-beam Angle Horiz.(deg)=9.259112
Cone-beam Angle Vert.(deg)=6.200336
Sub-Scan 0 ends at slice=1503
Sub-Scan 1 ends at slice=2819
Automatic Matching In Z=50
Automatic Matching In X/Y=0
Automatic Matching In Rotation=0.000000
Automatic Fusion=1
Automatic Heel Effect Correction=0
[File name convention]
Filename Index Length=8
Filename Prefix=Rat62_rec
