[System]
Scanner=SkyScan1272
Instrument S/N=15G09089-B
Software Version=1.1.19
Home Directory=C:\SkyScan1272\SkyScan1272
Source Type=HAMAMATSU_L11871_20
Camera Type=XIMEA xiRAY16
Camera Pixel Size (um)=7.4
Camera X/Y Ratio=1.0023
[User]
User Name=haberthu
Computer Name=ANAMIC02
[Acquisition]
Data Directory=D:\Results\Hearts Melly\Rat60\hr_3um\proj
Filename Prefix=Rat60HR~00
Filename Index Length=8
Number Of Files= 1007
Number Of Rows= 1638
Number Of Columns= 6876
Partial Width=OFF
Image crop origin X=0
Image crop origin Y=0
Camera binning=2x2
Image Rotation=0.16000
Optical Axis (line)=  894
Camera to Source (mm)=274.07267
Object to Source (mm)=55.55600
Source Voltage (kV)=  80
Source Current (uA)= 125
Image Pixel Size (um)=3.000039
Scaled Image Pixel Size (um)=3.000039
Image Format=TIFF
Depth (bits)=16
Reference Intensity=57000
Camera position=far
Exposure (ms)=2538
Rotation Step (deg)=0.200
Use 360 Rotation=NO
Scanning position=19.432 mm
Frame Averaging=OFF (3)
Random Movement=OFF (30)
Flat Field Correction=ON
FF updating interval=58
Geometrical Correction=ON
Filter=Al 1mm
Gantry direction=CC
Rotation Direction=CC
Type of Detector Motion=STEP AND SHOOT
Scanning Trajectory=ROUND
Number Of Horizontal Offset Positions=3
Horizontal Overlap (pixel)=240
Number of connected scans=3
Current scan number=1
Number of lines to be reconstructed=1010
Study Date and Time=02 Sep 2019  22h:38m:36s
Scan duration=5h:19m:39s
Maximum vertical TS=5.0
[Reconstruction]
Reconstruction Program=NRecon
Program Version=Version: 1.7.4.6
Program Home Directory=C:\SkyScan1272\SkyScan1272
Reconstruction engine=GPUReconServer
Engine version=Version: 1.7.4
Reconstruction from batch=Yes
Postalignment Applied=1
Connected Reconstruction (parts)=3
Sub-scan post alignment [0]=-2.000000
Sub-scan post alignment [1]=-1.000000
Sub-scan post alignment [2]=-1.500000
Sub-scan scan length [0]=1012
Sub-scan scan length [1]=1013
Sub-scan scan length [2]=1010
Used extra rotation per scan(deg)= 0.000  0.000  0.000 
Used extra shift in X per scan(micron)= 0.000  7.512  15.000 
Used extra shift in Y per scan(micron)= 0.000  7.533  12.031 
Reconstruction servers= ANAMIC02 
Dataset Origin=SkyScan1272
Dataset Prefix=Rat60HR~02
Dataset Directory=D:\Results\Hearts Melly\Rat60\hr_3um\proj
Output Directory=D:\Results\Hearts Melly\Rat60\hr_3um\proj
Time and Date=12 Mar 2020  22h:49m:36s
First Section=163
Last Section=3521
Reconstruction duration per slice (seconds)=9.352912
Total reconstruction time (2026 slices) in seconds=18949.000000
Section to Section Step=1
Sections Count=3359
Result File Type=PNG
Result File Header Length (bytes)=Unknown: compressed JPG format (100%)
Result Image Width (pixels)=4868
Result Image Height (pixels)=4868
Pixel Size (um)=3.00004
Reconstruction Angular Range (deg)=201.40
Use 180+=OFF
Angular Step (deg)=0.2000
Smoothing=0
Ring Artifact Correction=14
Draw Scales=OFF
Object Bigger than FOV=OFF
Reconstruction from ROI=ON
ROI Top (pixels)=6250
ROI Bottom (pixels)=1379
ROI Left (pixels)=1937
ROI Right (pixels)=6808
ROI reference length=6876
Filter cutoff relative to Nyquist frequency=100
Filter type=0
Filter type description=Hamming (Alpha=0.54)
Undersampling factor=1
Threshold for defect pixel mask (%)=0
Beam Hardening Correction (%)=0
CS Static Rotation (deg)=0.00
CS Static Rotation Total(deg)=0.00
Minimum for CS to Image Conversion=0.000000
Maximum for CS to Image Conversion=0.112035
HU Calibration=OFF
BMP LUT=0
Cone-beam Angle Horiz.(deg)=21.034773
Cone-beam Angle Vert.(deg)=5.064651
Automatic matching in Z=50
Automatic matching in X/Y=69
Automatic matching in rotation=5.000000
Automatic fusion=1
[File name convention]
Filename Index Length=8
Filename Prefix=Rat60HR_rec
