[System]
Scanner=SkyScan1272
Instrument S/N=15G09089-B
Software Version=1.1.19
Home Directory=C:\SkyScan1272\SkyScan1272
Source Type=HAMAMATSU_L11871_20
Camera Type=XIMEA xiRAY16
Camera Pixel Size (um)=7.4
Camera X/Y Ratio=1.0023
[User]
User Name=haberthu
Computer Name=ANAMIC02
[Acquisition]
Data Directory=D:\Results\Hearts Melly\Rat60\hr_3um\proj
Filename Prefix=Rat60HR~02
Filename Index Length=8
Number Of Files= 1007
Number Of Rows= 1638
Number Of Columns= 6876
Partial Width=OFF
Image crop origin X=0
Image crop origin Y=0
Camera binning=2x2
Image Rotation=0.16000
Optical Axis (line)=  894
Camera to Source (mm)=274.07267
Object to Source (mm)=55.55600
Source Voltage (kV)=  80
Source Current (uA)= 125
Image Pixel Size (um)=3.000039
Scaled Image Pixel Size (um)=3.000039
Image Format=TIFF
Depth (bits)=16
Reference Intensity=57000
Camera position=far
Exposure (ms)=2538
Rotation Step (deg)=0.200
Use 360 Rotation=NO
Scanning position=25.506 mm
Frame Averaging=OFF (3)
Random Movement=OFF (30)
Flat Field Correction=ON
FF updating interval=58
Geometrical Correction=ON
Filter=Al 1mm
Gantry direction=CC
Rotation Direction=CC
Type of Detector Motion=STEP AND SHOOT
Scanning Trajectory=ROUND
Number Of Horizontal Offset Positions=3
Horizontal Overlap (pixel)=240
Number of connected scans=3
Current scan number=3
Number of lines to be reconstructed=1010
Study Date and Time=03 Sep 2019  09h:29m:43s
Scan duration=5h:19m:35s
Maximum vertical TS=5.0
Extra Image Shift In X suggested (micron)=14.999995
Extra Image Shift In Y suggested (micron)=12.031728
Extra CS Rotation suggested (deg)=0.000000
[Reconstruction]
Pseudo-parallel projection calculated=1
