[System]
Scanner=SkyScan1272
Instrument S/N=15G09089-B
Software Version=1.1.19
Home Directory=C:\SkyScan1272\SkyScan1272
Source Type=HAMAMATSU_L11871_20
Camera Type=XIMEA xiRAY16
Camera Pixel Size (um)=7.4
Camera X/Y Ratio=1.0023
[User]
User Name=haberthu
Computer Name=ANAMIC02
[Acquisition]
Data Directory=D:\Results\Hearts Melly\SampleChanger\6
Filename Prefix=Rat84
Filename Index Length=8
Number Of Files=  600
Number Of Rows=  820
Number Of Columns= 1224
Partial Width=OFF
Image crop origin X=0
Image crop origin Y=0
Camera binning=4x4
Image Rotation=0.13600
Optical Axis (line)=  447
Camera to Source (mm)=274.07267
Object to Source (mm)=199.99850
Source Voltage (kV)= 100
Source Current (uA)= 100
Image Pixel Size (um)=21.599949
Scaled Image Pixel Size (um)=21.599949
Image Format=TIFF
Depth (bits)=16
Reference Intensity=57000
Camera position=far
Exposure (ms)=3276
Rotation Step (deg)=0.600
Use 360 Rotation=YES
Scanning position=33.300 mm
Frame Averaging=ON (3)
Random Movement=OFF (30)
Flat Field Correction=ON
FF updating interval=200
Geometrical Correction=ON
Filter=Cu 0.11mm
Gantry direction=CC
Rotation Direction=CC
Type of Detector Motion=STEP AND SHOOT
Scanning Trajectory=ROUND
Number Of Horizontal Offset Positions=1
Number of connected scans=1
Current scan number=1
Number of lines to be reconstructed=0
Study Date and Time=04 Dec 2020  08h:27m:21s
Scan duration=2h:22m:17s
Maximum vertical TS=1.0
Maximum horizontal TS=1.0
TS modified at=December04,14:37:29 ---  600 of 600 projections
TS modified according to=D:\Results\Hearts Melly\SampleChanger\6\Rat84_TS.csv
TS modified at level=2
[Reconstruction]
Reconstruction Program=NRecon
Program Version=Version: 1.7.4.6
Program Home Directory=C:\SkyScan1272\SkyScan1272
Reconstruction engine=GPUReconServer
Engine version=Version: 1.7.4
Reconstruction from batch=Yes
Postalignment Applied=1
Postalignment=-1.50
Reconstruction servers= ANAMIC02 
Dataset Origin=SkyScan1272
Dataset Prefix=Rat84
Dataset Directory=D:\Results\Hearts Melly\SampleChanger\6
Output Directory=D:\Results\Hearts Melly\SampleChanger\6\rec
Time and Date=04 Dec 2020  14h:47m:56s
First Section=29
Last Section=794
Reconstruction duration per slice (seconds)=0.126632
Total reconstruction time (766 slices) in seconds=97.000000
Section to Section Step=1
Sections Count=766
Result File Type=PNG
Result File Header Length (bytes)=Unknown: compressed JPG format (100%)
Result Image Width (pixels)=1224
Result Image Height (pixels)=1224
Pixel Size (um)=21.59995
Reconstruction Angular Range (deg)=360.00
Use 180+=OFF
Angular Step (deg)=0.6000
Smoothing=0
Ring Artifact Correction=14
Draw Scales=OFF
Object Bigger than FOV=OFF
Reconstruction from ROI=OFF
Filter cutoff relative to Nyquist frequency=100
Filter type=0
Filter type description=Hamming (Alpha=0.54)
Undersampling factor=1
Threshold for defect pixel mask (%)=0
Beam Hardening Correction (%)=0
CS Static Rotation (deg)=0.00
CS Static Rotation Total(deg)=0.00
Minimum for CS to Image Conversion=0.000000
Maximum for CS to Image Conversion=0.066000
HU Calibration=OFF
BMP LUT=0
Cone-beam Angle Horiz.(deg)=7.563081
Cone-beam Angle Vert.(deg)=5.070827
[File name convention]
Filename Index Length=8
Filename Prefix=Rat84_rec
