[System]
Scanner=SkyScan2214
Instrument S/N=20C18017
Software Version=1.8
Home Directory=C:\SkyScan2214\SkyScan2214 User Software
Source Type=Hamamatsu L10711
Camera Type=FlatPanel: 2...50um, 140mm max.FOV
Camera Pixel Size (um)=74.800
Camera X/Y Ratio=1.0030
[User]
User Name=Skyscan4
Computer Name=ANAMIC05
[Acquisition]
Data Directory=D:\Results\Hearts Melly\Rat87\2214_7.5um_Al1mm\proj
Filename Prefix=Rat87~00
Number Of Files= 2205
Number Of Rows= 1944
Number Of Columns= 3072
Filename Index Length=8
Partial Width=OFF
Image crop origin X=0
Image crop origin Y=0
Camera binning=1x1
Image Rotation=0.18000
Optical Axis (line)= 1003
Object to Source (mm)=31.442
Camera to Source (mm)=313.563
Source Voltage (kV)=  80
Source Current (uA)= 120
Source Target Power (W)=6.70
Image Pixel Size (um)=7.500482
Scaled Image Pixel Size (um)=7.500482
Image Format=TIFF
Depth (bits)=16
Reference Intensity=58000
Exposure (ms)=1188
Rotation Step (deg)=0.100
Use 360 Rotation=NO
High Aspect Ratio=NO
Scanning position=16.729 mm
Frame Averaging=OFF (5)
Flat Field Correction=ON
FF updating interval=315
Random Movement=OFF (40)
Filter=Al 1mm
Gantry direction=CW
Rotation Direction=CW
Intrinsic CS rotation in degree=0.0
Type of Detector Motion=STEP AND SHOOT
Scanning Trajectory=ROUND
Number of connected scans=3
Current scan number=1
Number of lines to be reconstructed=1285
Source Filament Type=W
Source spot size=Large
Suggested HU - Calibration=180000
Number Of Horizontal Offset Positions=1
Study Date and Time=03 Jan 2023  15h:07m:04s
Estimated Scan duration=6h:33m:24s
Scan duration=2h:19m:57s
Maximum vertical TS=5.0
[Reconstruction]
Reconstruction Program=NRecon
Program Version=Version: 2.1.0.1
Program Home Directory=C:\SkyScan2214\SkyScan2214 User Software
Reconstruction engine=GPUReconServer
Engine version=Version: 2.1.0
Reconstruction from batch=Yes
Postalignment Applied=1
Reconstructed using oversize-option=No
Connected Reconstruction (parts)=3
Oversize-option Bitmap=9
Sub-scan post alignment [0]=21.000000
Sub-scan post alignment [1]=10.500000
Sub-scan post alignment [2]=1.500000
Sub-scan scan length [0]=1280
Sub-scan scan length [1]=1280
Sub-scan scan length [2]=1285
Reconstruction servers= ANAMIC05 
Dataset Origin=SkyScan2214
Dataset Prefix=Rat87~02
Dataset Directory=D:\Results\Hearts Melly\Rat87\2214_7.5um_Al1mm\proj
Output Directory=D:\Results\Hearts Melly\Rat87\2214_7.5um_Al1mm\rec
Time and Date=04 Jan 2023  10h:59m:23s
First Section=493
Last Section=3773
Reconstruction duration per slice (seconds)=0.274993
Total reconstruction time (3371 slices) in seconds=927.000000
Heel Effect Correction On=0
Section to Section Step=1
Sections Count=3281
Result File Type=PNG
Result File Header Length (bytes)=Unknown: compressed JPG format (100%)
Result Image Width (pixels)=2396
Result Image Height (pixels)=2448
Pixel Size (um)=7.50048
Reconstruction Angular Range (deg)=220.50
Use 180+=OFF
Angular Step (deg)=0.1000
Smoothing=0
Ring Artifact Correction=0
Draw Scales=OFF
Object Bigger than FOV=OFF
Reconstruction from ROI=ON
ROI Top (pixels)=2818
ROI Bottom (pixels)=367
ROI Left (pixels)=223
ROI Right (pixels)=2620
ROI reference length=3072
Filter cutoff relative to Nyquist frequency=100
Filter type=0
Filter type description=Hamming (Alpha=0.54)
Undersampling factor=1
Threshold for defect pixel mask (%)=0
Beam Hardening Correction (%)=0
CS Static Rotation (deg)=0.00
CS Static Rotation Total(deg)=0.00
Minimum for CS to Image Conversion=0.000000
Maximum for CS to Image Conversion=0.123400
HU Calibration=OFF
BMP LUT=0
Cone-beam Angle Horiz.(deg)=40.246929
Cone-beam Angle Vert.(deg)=26.109009
Sub-Scan 0 ends at slice=1622
Sub-Scan 1 ends at slice=2902
Sub-Scan 2 ends at slice=4180
Automatic Matching In Z=50
Automatic Matching In X/Y=0
Automatic Matching In Rotation=0.000000
Automatic Fusion=1
Automatic Heel Effect Correction=0
[File name convention]
Filename Index Length=8
Filename Prefix=Rat87_rec
