[System]
Scanner=SkyScan2214
Instrument S/N=20C18017
Software Version=1.8
Home Directory=C:\SkyScan2214\SkyScan2214 User Software
Source Type=Hamamatsu L10711
Camera Type=FlatPanel: 2...50um, 140mm max.FOV
Camera Pixel Size (um)=74.800
Camera X/Y Ratio=1.0030
[User]
User Name=Skyscan4
Computer Name=ANAMIC05
[Acquisition]
Data Directory=D:\Results\Hearts Melly\Rat71\2214_7.5um_Al1mm_wetfoam\proj
Filename Prefix=Rat71~01
Number Of Files= 2205
Number Of Rows= 1944
Number Of Columns= 3072
Filename Index Length=8
Partial Width=OFF
Image crop origin X=0
Image crop origin Y=0
Camera binning=1x1
Image Rotation=0.18000
Optical Axis (line)= 1003
Object to Source (mm)=31.442
Camera to Source (mm)=313.563
Source Voltage (kV)=  80
Source Current (uA)= 120
Source Target Power (W)=4.14
Image Pixel Size (um)=7.500482
Scaled Image Pixel Size (um)=7.500482
Image Format=TIFF
Depth (bits)=16
Reference Intensity=58000
Exposure (ms)=1831
Rotation Step (deg)=0.100
Use 360 Rotation=NO
High Aspect Ratio=NO
Scanning position=17.393 mm
Frame Averaging=OFF (3)
Flat Field Correction=ON
FF updating interval=315
Random Movement=OFF (40)
Filter=Al 1mm
Gantry direction=CW
Rotation Direction=CW
Intrinsic CS rotation in degree=0.0
Type of Detector Motion=STEP AND SHOOT
Scanning Trajectory=ROUND
Number of connected scans=2
Current scan number=2
Number of lines to be reconstructed=1487
Source Filament Type=W
Source spot size=Large
Suggested HU - Calibration=180000
Number Of Horizontal Offset Positions=1
Study Date and Time=23 Nov 2021  22h:50m:47s
Estimated Scan duration=5h:12m:46s
Scan duration=3h:3m:8s
Maximum vertical TS=1.0
Maximum horizontal TS=0.0
TS modified at=November25,08:55:06 ---  2205 of 2205 projections
TS modified according to=D:\Results\Hearts Melly\Rat71\2214_7.5um_Al1mm_wetfoam\proj\Rat71~01_2DTransform.csv
TS modified at level=3
[Reconstruction]
Pseudo-parallel projection calculated=1
