[System]
Scanner=SkyScan1272
Instrument S/N=15G09089-B
Software Version=1.1.19
Home Directory=C:\SkyScan1272\SkyScan1272
Source Type=HAMAMATSU_L11871_20
Camera Type=XIMEA xiRAY16
Camera Pixel Size (um)=7.4
Camera X/Y Ratio=1.0023
[User]
User Name=haberthu
Computer Name=ANAMIC02
[Acquisition]
Data Directory=D:\Results\Hearts Melly\SampleChanger\4\4
Filename Prefix=Rat81~00
Filename Index Length=8
Number Of Files=  948
Number Of Rows= 1640
Number Of Columns= 2452
Partial Width=OFF
Image crop origin X=0
Image crop origin Y=0
Camera binning=2x2
Image Rotation=0.13600
Optical Axis (line)=  883
Camera to Source (mm)=224.07267
Object to Source (mm)=150.18850
Source Voltage (kV)= 100
Source Current (uA)= 100
Image Pixel Size (um)=9.919951
Scaled Image Pixel Size (um)=9.919951
Image Format=TIFF
Depth (bits)=16
Reference Intensity=57000
Camera position=mid
Exposure (ms)=3455
Rotation Step (deg)=0.200
Use 360 Rotation=NO
Scanning position=30.000 mm
Frame Averaging=ON (3)
Random Movement=OFF (30)
Flat Field Correction=ON
FF updating interval=63
Geometrical Correction=ON
Filter=Cu 0.11mm
Gantry direction=CC
Rotation Direction=CC
Type of Detector Motion=STEP AND SHOOT
Scanning Trajectory=ROUND
Number Of Horizontal Offset Positions=1
Number of connected scans=2
Current scan number=1
Number of lines to be reconstructed=1248
Study Date and Time=21 Jan 2021  18h:36m:15s
Scan duration=3h:59m:15s
Maximum vertical TS=0.0
Maximum horizontal TS=0.0
TS modified at=January22,10:15:43 ---  948 of 948 projections
TS modified according to=D:\Results\Hearts Melly\Rat81\cu_10um\proj\Rat81~00_TS.csv
TS modified at level=2
[Reconstruction]
Pseudo-parallel projection calculated=1
