[System]
Scanner=SkyScan1272
Instrument S/N=15G09089-B
Software Version=1.1.19
Home Directory=C:\SkyScan1272\SkyScan1272
Source Type=HAMAMATSU_L11871_20
Camera Type=XIMEA xiRAY16
Camera Pixel Size (um)=7.4
Camera X/Y Ratio=1.0023
[User]
User Name=haberthu
Computer Name=ANAMIC02
[Acquisition]
Data Directory=D:\Results\Hearts Melly\SampleChanger\2
Filename Prefix=Rat80~01
Filename Index Length=8
Number Of Files=  948
Number Of Rows= 1640
Number Of Columns= 2452
Partial Width=OFF
Image crop origin X=0
Image crop origin Y=0
Camera binning=2x2
Image Rotation=0.13600
Optical Axis (line)=  883
Camera to Source (mm)=224.07267
Object to Source (mm)=151.40100
Source Voltage (kV)= 100
Source Current (uA)= 100
Image Pixel Size (um)=10.000036
Scaled Image Pixel Size (um)=10.000036
Image Format=TIFF
Depth (bits)=16
Reference Intensity=57000
Camera position=mid
Exposure (ms)=3455
Rotation Step (deg)=0.200
Use 360 Rotation=NO
Scanning position=39.973 mm
Frame Averaging=ON (3)
Random Movement=OFF (30)
Flat Field Correction=ON
FF updating interval=63
Geometrical Correction=ON
Filter=Cu 0.11mm
Gantry direction=CC
Rotation Direction=CC
Type of Detector Motion=STEP AND SHOOT
Scanning Trajectory=ROUND
Number Of Horizontal Offset Positions=1
Number of connected scans=4
Current scan number=2
Number of lines to be reconstructed=995
Study Date and Time=20 Jan 2021  11h:51m:50s
Scan duration=3h:59m:13s
Maximum vertical TS=5.0
[Reconstruction]
Reconstruction Program=NRecon
Program Version=Version: 1.7.4.6
Program Home Directory=C:\SkyScan1272\SkyScan1272
Reconstruction engine=GPUReconServer
Engine version=Version: 1.7.4
Reconstruction from batch=Yes
Postalignment Applied=1
Connected Reconstruction (parts)=4
Sub-scan post alignment [0]=-0.500000
Sub-scan post alignment [1]=0.500000
Sub-scan post alignment [2]=-0.500000
Sub-scan post alignment [3]=5.000000
Sub-scan scan length [0]=994
Sub-scan scan length [1]=996
Sub-scan scan length [2]=925
Sub-scan scan length [3]=995
Used extra rotation per scan(deg)= 0.000  0.000  0.000  0.000 
Used extra shift in X per scan(micron)= 0.000  -5.297  -10.092  -315.069 
Used extra shift in Y per scan(micron)= 0.000  -15.173  0.034  -494.919 
Reconstruction servers= ANAMIC02 
Dataset Origin=SkyScan1272
Dataset Prefix=Rat80~03
Dataset Directory=D:\Results\Hearts Melly\Rat80\cu_10um\proj
Output Directory=D:\Results\Hearts Melly\Rat80\cu_10um\rec
Time and Date=21 Jan 2021  17h:23m:54s
First Section=624
Last Section=4563
Reconstruction duration per slice (seconds)=1.282236
Total reconstruction time (2916 slices) in seconds=3739.000000
Section to Section Step=1
Sections Count=3940
Result File Type=PNG
Result File Header Length (bytes)=Unknown: compressed JPG format (100%)
Result Image Width (pixels)=2452
Result Image Height (pixels)=2452
Pixel Size (um)=10.00004
Reconstruction Angular Range (deg)=189.60
Use 180+=OFF
Angular Step (deg)=0.2000
Smoothing=0
Ring Artifact Correction=14
Draw Scales=OFF
Object Bigger than FOV=OFF
Reconstruction from ROI=OFF
Filter cutoff relative to Nyquist frequency=100
Filter type=0
Filter type description=Hamming (Alpha=0.54)
Undersampling factor=1
Threshold for defect pixel mask (%)=0
Beam Hardening Correction (%)=10
CS Static Rotation (deg)=0.00
CS Static Rotation Total(deg)=0.00
Minimum for CS to Image Conversion=0.000000
Maximum for CS to Image Conversion=0.100000
HU Calibration=OFF
BMP LUT=0
Cone-beam Angle Horiz.(deg)=9.259112
Cone-beam Angle Vert.(deg)=6.200336
