[System]
Scanner=SkyScan1272
Instrument S/N=15G09089-B
Software Version=1.1.19
Home Directory=C:\SkyScan1272\SkyScan1272
Source Type=HAMAMATSU_L11871_20
Camera Type=XIMEA xiRAY16
Camera Pixel Size (um)=7.4
Camera X/Y Ratio=1.0023
[User]
User Name=haberthu
Computer Name=ANAMIC02
[Acquisition]
Data Directory=D:\Results\Hearts Melly\Rat65\overview\proj
Filename Prefix=Rat65~00
Filename Index Length=8
Number Of Files=  948
Number Of Rows= 1640
Number Of Columns= 2452
Partial Width=OFF
Image crop origin X=0
Image crop origin Y=0
Camera binning=2x2
Image Rotation=0.15200
Optical Axis (line)=  883
Camera to Source (mm)=224.07267
Object to Source (mm)=151.40100
Source Voltage (kV)=  80
Source Current (uA)= 125
Image Pixel Size (um)=10.000036
Scaled Image Pixel Size (um)=10.000036
Image Format=TIFF
Depth (bits)=16
Reference Intensity=57000
Camera position=mid
Exposure (ms)=2349
Rotation Step (deg)=0.200
Use 360 Rotation=NO
Scanning position=13.175 mm
Frame Averaging=ON (3)
Random Movement=OFF (30)
Flat Field Correction=ON
FF updating interval=135
Geometrical Correction=ON
Filter=Al 1mm
Gantry direction=CC
Rotation Direction=CC
Type of Detector Motion=STEP AND SHOOT
Scanning Trajectory=ROUND
Number Of Horizontal Offset Positions=1
Number of connected scans=2
Current scan number=1
Number of lines to be reconstructed=1267
Study Date and Time=02 Jul 2019  12h:27m:15s
Scan duration=2h:48m:13s
Maximum vertical TS=35.0
Maximum horizontal TS=14.0
TS modified at=July02,15:51:06 ---  948 of 948 projections
TS modified according to=D:\Results\Hearts Melly\Rat65\overview\proj\Rat65~00_TS.csv
TS modified at level=0
[Reconstruction]
Pseudo-parallel projection calculated=1
