[System]
Scanner=SkyScan1272
Instrument S/N=15G09089-B
Software Version=1.1.19
Home Directory=C:\SkyScan1272\SkyScan1272
Source Type=HAMAMATSU_L11871_20
Camera Type=XIMEA xiRAY16
Camera Pixel Size (um)=7.4
Camera X/Y Ratio=1.0023
[User]
User Name=haberthu
Computer Name=ANAMIC02
[Acquisition]
Data Directory=D:\Results\Hearts Melly\SampleChanger\9
Filename Prefix=Rat80~00
Filename Index Length=8
Number Of Files=  948
Number Of Rows= 1640
Number Of Columns= 2452
Partial Width=OFF
Image crop origin X=0
Image crop origin Y=0
Camera binning=2x2
Image Rotation=0.13600
Optical Axis (line)=  883
Camera to Source (mm)=224.07267
Object to Source (mm)=151.40100
Source Voltage (kV)=  80
Source Current (uA)= 125
Image Pixel Size (um)=10.000036
Scaled Image Pixel Size (um)=10.000036
Image Format=TIFF
Depth (bits)=16
Reference Intensity=57000
Camera position=mid
Exposure (ms)=2330
Rotation Step (deg)=0.200
Use 360 Rotation=NO
Scanning position=33.000 mm
Frame Averaging=ON (3)
Random Movement=OFF (30)
Flat Field Correction=ON
Geometrical Correction=ON
Filter=Al 1mm
Gantry direction=CC
Rotation Direction=CC
Type of Detector Motion=STEP AND SHOOT
Scanning Trajectory=ROUND
Number Of Horizontal Offset Positions=1
Number of connected scans=3
Current scan number=1
Number of lines to be reconstructed=991
Study Date and Time=09 Nov 2020  12h:40m:40s
Scan duration=2h:47m:26s
Maximum vertical TS=5.0
[Reconstruction]
Reconstruction Program=NRecon
Program Version=Version: 1.7.4.6
Program Home Directory=C:\SkyScan1272\SkyScan1272
Reconstruction engine=GPUReconServer
Engine version=Version: 1.7.4
Reconstruction from batch=Yes
Postalignment Applied=1
Connected Reconstruction (parts)=3
Sub-scan post alignment [0]=-0.500000
Sub-scan post alignment [1]=0.500000
Sub-scan post alignment [2]=1.500000
Sub-scan scan length [0]=962
Sub-scan scan length [1]=994
Sub-scan scan length [2]=991
Used extra rotation per scan(deg)= 0.000  0.000  0.000 
Used extra shift in X per scan(micron)= 0.000  -24.841  -29.459 
Used extra shift in Y per scan(micron)= 0.000  -15.222  -29.156 
Reconstruction servers= ANAMIC02 
Dataset Origin=SkyScan1272
Dataset Prefix=Rat80~02
Dataset Directory=D:\Results\Hearts Melly\Rat80b\overview\proj
Output Directory=D:\Results\Hearts Melly\Rat80b\overview\rec
Time and Date=24 Nov 2020  20h:13m:26s
First Section=983
Last Section=3252
Reconstruction duration per slice (seconds)=0.981605
Total reconstruction time (1957 slices) in seconds=1921.000000
Section to Section Step=1
Sections Count=2270
Result File Type=PNG
Result File Header Length (bytes)=Unknown: compressed JPG format (100%)
Result Image Width (pixels)=2452
Result Image Height (pixels)=2452
Pixel Size (um)=10.00004
Reconstruction Angular Range (deg)=189.60
Use 180+=OFF
Angular Step (deg)=0.2000
Smoothing=0
Ring Artifact Correction=14
Draw Scales=OFF
Object Bigger than FOV=OFF
Reconstruction from ROI=OFF
Filter cutoff relative to Nyquist frequency=100
Filter type=0
Filter type description=Hamming (Alpha=0.54)
Undersampling factor=1
Threshold for defect pixel mask (%)=0
Beam Hardening Correction (%)=0
CS Static Rotation (deg)=0.00
CS Static Rotation Total(deg)=0.00
Minimum for CS to Image Conversion=0.000000
Maximum for CS to Image Conversion=0.070000
HU Calibration=OFF
BMP LUT=0
Cone-beam Angle Horiz.(deg)=9.259112
Cone-beam Angle Vert.(deg)=6.200336
Automatic matching in Z=50
Automatic matching in X/Y=50
Automatic matching in rotation=5.000000
Automatic fusion=1
[File name convention]
Filename Index Length=8
Filename Prefix=Rat80_rec
